GEM
  remote: http://rubygems.org/
  specs:
    actionmailer (2.3.5)
      actionpack (= 2.3.5)
    actionpack (2.3.5)
      activesupport (= 2.3.5)
      rack (~> 1.0.0)
    activerecord (2.3.5)
      activesupport (= 2.3.5)
    activeresource (2.3.5)
      activesupport (= 2.3.5)
    activesupport (2.3.5)
    autotest (4.3.2)
    autotest-fsevent (0.2.3)
      sys-uname
    autotest-growl (0.2.6)
    daemons (1.1.0)
    delayed_job (2.0.3)
      daemons
    rack (1.0.1)
    rails (2.3.5)
      actionmailer (= 2.3.5)
      actionpack (= 2.3.5)
      activerecord (= 2.3.5)
      activeresource (= 2.3.5)
      activesupport (= 2.3.5)
      rake (>= 0.8.3)
    rake (0.8.7)
    redgreen (1.2.2)
    shoulda (2.11.2)
    sqlite3-ruby (1.2.5)
    sys-uname (0.8.4)

PLATFORMS
  ruby

DEPENDENCIES
  autotest
  autotest-fsevent
  autotest-growl
  delayed_job (= 2.0.3)
  rails (~> 2.3)
  redgreen
  shoulda (= 2.11.2)
  sqlite3-ruby
